GEM
  remote: http://rubygems.org/
  specs:
    builder (3.0.0)
    byebug (8.2.2)
    getopt (1.4.1)

PLATFORMS
  ruby

DEPENDENCIES
  builder
  byebug
  getopt

BUNDLED WITH
   1.11.2
